PATH
  remote: .
  specs:
    sdb-analyzer (0.1.0)
      ruby-graphviz

GEM
  remote: https://rubygems.org/
  specs:
    byebug (11.1.3)
    diff-lcs (1.5.1)
    rake (13.2.1)
    rexml (3.3.7)
    rspec (3.13.0)
      rspec-core (~> 3.13.0)
      rspec-expectations (~> 3.13.0)
      rspec-mocks (~> 3.13.0)
    rspec-core (3.13.1)
      rspec-support (~> 3.13.0)
    rspec-expectations (3.13.2)
      diff-lcs (>= 1.2.0, < 2.0)
      rspec-support (~> 3.13.0)
    rspec-mocks (3.13.1)
      diff-lcs (>= 1.2.0, < 2.0)
      rspec-support (~> 3.13.0)
    rspec-support (3.13.1)
    ruby-graphviz (1.2.5)
      rexml

PLATFORMS
  arm64-darwin-23
  ruby

DEPENDENCIES
  byebug
  rake (~> 13.0)
  rspec (~> 3.0)
  sdb-analyzer!

BUNDLED WITH
   2.5.16
